GEM
  remote: https://rubygems.org/
  specs:
    adamantium (0.1.0)
      ice_nine (~> 0.9)
      thread_safe (~> 0.1.2)
    atomic (1.1.14)
    diff-lcs (1.2.2)
    i18n (0.6.4)
    ice_nine (0.9.0)
    rspec (2.13.0)
      rspec-core (~> 2.13.0)
      rspec-expectations (~> 2.13.0)
      rspec-mocks (~> 2.13.0)
    rspec-core (2.13.1)
    rspec-expectations (2.13.0)
      diff-lcs (>= 1.1.3, < 2.0)
    rspec-mocks (2.13.1)
    sqlite3 (1.3.7)
    thread_safe (0.1.3)
      atomic

PLATFORMS
  ruby

DEPENDENCIES
  adamantium
  i18n
  rspec
  sqlite3
