GEM
  remote: https://rubygems.org/
  specs:
    adamantium (0.1.0)
      ice_nine (~> 0.9)
      thread_safe (~> 0.1.2)
    atomic (1.1.14)
    diff-lcs (1.2.4)
    i18n (0.6.5)
    ice_nine (0.10.0)
    rspec (2.14.1)
      rspec-core (~> 2.14.0)
      rspec-expectations (~> 2.14.0)
      rspec-mocks (~> 2.14.0)
    rspec-core (2.14.6)
    rspec-expectations (2.14.3)
      diff-lcs (>= 1.1.3, < 2.0)
    rspec-mocks (2.14.4)
    sqlite3 (1.3.8)
    thread_safe (0.1.3)
      atomic

PLATFORMS
  ruby

DEPENDENCIES
  adamantium
  i18n
  rspec
  sqlite3
