GIT
  remote: https://github.com/svenfuchs/i18n
  revision: 4612e6ebf357fba5f90f879ff8b753f8cf8415ff
  specs:
    i18n (0.7.0.beta1)

GEM
  remote: https://rubygems.org/
  specs:
    diff-lcs (1.2.5)
    rspec (2.14.1)
      rspec-core (~> 2.14.0)
      rspec-expectations (~> 2.14.0)
      rspec-mocks (~> 2.14.0)
    rspec-core (2.14.7)
    rspec-expectations (2.14.4)
      diff-lcs (>= 1.1.3, < 2.0)
    rspec-mocks (2.14.4)
    sqlite3 (1.3.8)

PLATFORMS
  ruby

DEPENDENCIES
  i18n!
  rspec
  sqlite3
